PATH
  remote: .
  specs:
    digipolitan-app-swift-template-cli (0.2.0)
      digipolitan-apps-tools (~> 0.2)
      rubyzip (~> 1.2)

GEM
  remote: http://rubygems.org/
  specs:
    colorize (0.8.1)
    digipolitan-apps-tools (0.2.3)
      colorize (~> 0.8.1)
    rubyzip (1.2.1)

PLATFORMS
  ruby

DEPENDENCIES
  digipolitan-app-swift-template-cli!
  digipolitan-apps-tools
  rubyzip

BUNDLED WITH
   1.17.1
